GEM
  remote: http://rubygems.org/
  specs:
    ParseTree (3.0.8)
      RubyInline (>= 3.7.0)
      sexp_processor (>= 3.0.0)
    RubyInline (3.11.4)
      ZenTest (~> 4.3)
    ZenTest (4.8.2)
    addressable (2.3.2)
    agnostic (0.1.1)
    builder (3.1.4)
    cgi_multipart_eof_fix (2.5.0)
    coderay (1.0.8)
    color (1.4.1)
    daemons (1.1.9)
    data_objects (0.10.0)
      addressable (~> 2.0)
      extlib (~> 0.9.12)
    datamapper (0.10.1)
      dm-aggregates (= 0.10.1)
      dm-constraints (= 0.10.1)
      dm-core (= 0.10.1)
      dm-core (= 0.10.1)
      dm-migrations (= 0.10.1)
      dm-serializer (= 0.10.1)
      dm-timestamps (= 0.10.1)
      dm-types (= 0.10.1)
      dm-validations (= 0.10.1)
    diff-lcs (1.1.3)
    dm-aggregates (0.10.1)
      dm-core (= 0.10.1)
    dm-constraints (0.10.1)
      dm-core (= 0.10.1)
    dm-core (0.10.1)
      addressable (~> 2.1)
      extlib (~> 0.9.13)
    dm-is-tree (0.10.1)
      dm-core (= 0.10.1)
    dm-migrations (0.10.1)
      dm-core (= 0.10.1)
    dm-observer (0.10.1)
      dm-core (= 0.10.1)
    dm-pagination (0.4.0)
      agnostic (>= 0.1.0)
      dm-core (>= 0.9.11)
    dm-paperclip (2.4.1)
      datamapper
      extlib
    dm-serializer (0.10.1)
      dm-core (= 0.10.1)
    dm-timestamps (0.10.1)
      dm-core (= 0.10.1)
    dm-types (0.10.1)
      dm-core (= 0.10.1)
    dm-validations (0.10.1)
      dm-core (= 0.10.1)
    do_mysql (0.10.0)
      addressable (~> 2.0)
      data_objects (= 0.10.0)
      extlib (~> 0.9.12)
    erubis (2.7.0)
    extlib (0.9.15)
    fastthread (1.0.7)
    gem_plugin (0.2.3)
    haml (3.1.7)
    highline (1.6.15)
    hpricot (0.8.6)
    htmldoc (0.2.3)
    json_pure (1.7.5)
    log4r (1.1.10)
    macaddr (1.6.1)
      systemu (~> 2.5.0)
    mailfactory (1.4.0)
      mime-types (>= 1.13.1)
    merb-action-args (1.0.13)
      ParseTree (>= 2.1.1)
      merb-core (~> 1.0.13)
      ruby2ruby (>= 1.1.9)
    merb-assets (1.0.13)
      merb-core (~> 1.0.13)
    merb-auth-core (1.0.13)
      extlib
      merb-core (~> 1.0.13)
    merb-auth-more (1.0.13)
      merb-auth-core (>= 1.0.13)
    merb-auth-slice-password (1.0.13)
      merb-auth-core (>= 1.0.13)
      merb-auth-more (>= 1.0.13)
      merb-slices (>= 1.0.13)
    merb-core (1.0.13)
      erubis (>= 2.6.2)
      extlib (>= 0.9.8)
      json_pure
      mime-types
      rack
      rake
      rspec
      thor (~> 0.9.9)
    merb-exceptions (1.0.13)
      merb-core (~> 1.0.13)
    merb-gen (1.0.13)
      merb-core (>= 1.0.13)
      templater (>= 0.3.3)
    merb-haml (1.0.13)
      haml (>= 2.0.3)
      merb-core (~> 1.0.13)
    merb-helpers (1.0.13)
      merb-core (~> 1.0.13)
    merb-mailer (1.0.13)
      mailfactory (>= 1.2.3)
      merb-core (~> 1.0.13)
    merb-param-protection (1.0.13)
      merb-core (~> 1.0.13)
    merb-slices (1.0.13)
      merb-core (~> 1.0.13)
    merb_datamapper (1.0.13)
      dm-core (~> 0.10)
      dm-migrations (~> 0.10)
      merb-core (~> 1.0.13)
    method_source (0.8.1)
    mime-types (1.19)
    mongrel (1.1.5)
      cgi_multipart_eof_fix (>= 2.4)
      daemons (>= 1.0.3)
      fastthread (>= 1.0.1)
      gem_plugin (>= 0.2.3)
    pdf-writer (1.1.8)
      color (>= 1.4.0)
      transaction-simple (~> 1.3)
    pry (0.9.10)
      coderay (~> 1.0.5)
      method_source (~> 0.8)
      slop (~> 3.3.1)
    rack (1.4.1)
    rake (0.8.7)
    rspec (1.3.0)
    ruby2ruby (2.0.1)
      ruby_parser (~> 3.0.0)
      sexp_processor (~> 4.0)
    ruby_parser (3.0.4)
      sexp_processor (~> 4.1)
    sexp_processor (4.1.2)
    slop (3.3.3)
    systemu (2.5.2)
    templater (1.0.0)
      diff-lcs (>= 1.1.2)
      extlib (>= 0.9.5)
      highline (>= 1.4.0)
    thor (0.9.9)
    transaction-simple (1.4.0.2)
    uuid (2.3.6)
      macaddr (~> 1.0)

PLATFORMS
  ruby

DEPENDENCIES
  builder
  data_objects (= 0.10.0)
  dm-aggregates (= 0.10.1)
  dm-core (= 0.10.1)
  dm-is-tree (= 0.10.1)
  dm-migrations (= 0.10.1)
  dm-observer (= 0.10.1)
  dm-pagination
  dm-paperclip
  dm-serializer (= 0.10.1)
  dm-timestamps (= 0.10.1)
  dm-types (= 0.10.1)
  dm-validations (= 0.10.1)
  do_mysql (= 0.10.0)
  hpricot
  htmldoc
  log4r
  merb-action-args (= 1.0.13)
  merb-assets (= 1.0.13)
  merb-auth-core (= 1.0.13)
  merb-auth-more (= 1.0.13)
  merb-auth-slice-password (= 1.0.13)
  merb-core (= 1.0.13)
  merb-exceptions (= 1.0.13)
  merb-gen (= 1.0.13)
  merb-haml (= 1.0.13)
  merb-helpers (= 1.0.13)
  merb-mailer (= 1.0.13)
  merb-param-protection (= 1.0.13)
  merb-slices (= 1.0.13)
  merb_datamapper (~> 1.0.13)
  mongrel
  pdf-writer
  pry
  rake (= 0.8.7)
  rspec (= 1.3.0)
  uuid
